GEM
  remote: https://rubygems.org/
  specs:
    awesome_print (1.2.0)
    backports (3.6.0)
    chartkick (1.2.1)
    coderay (1.1.0)
    diff-lcs (1.2.5)
    method_source (0.8.2)
    multi_json (1.8.4)
    pry (0.9.12.6-x86-mingw32)
      coderay (~> 1.0)
      method_source (~> 0.8)
      slop (~> 3.4)
      win32console (~> 1.3)
    rack (1.5.2)
    rack-protection (1.5.2)
      rack
    rack-test (0.6.2)
      rack (>= 1.0)
    rspec (2.14.1)
      rspec-core (~> 2.14.0)
      rspec-expectations (~> 2.14.0)
      rspec-mocks (~> 2.14.0)
    rspec-core (2.14.7)
    rspec-expectations (2.14.5)
      diff-lcs (>= 1.1.3, < 2.0)
    rspec-mocks (2.14.5)
    sequel (4.7.0)
    sinatra (1.4.4)
      rack (~> 1.4)
      rack-protection (~> 1.4)
      tilt (~> 1.3, >= 1.3.4)
    sinatra-contrib (1.4.2)
      backports (>= 2.0)
      multi_json
      rack-protection
      rack-test
      sinatra (~> 1.4.0)
      tilt (~> 1.3)
    sinatra-reloader (1.0)
      sinatra-contrib
    slop (3.4.7)
    sqlite3 (1.3.8-x86-mingw32)
    tilt (1.4.1)
    win32console (1.3.2-x86-mingw32)

PLATFORMS
  x86-mingw32

DEPENDENCIES
  awesome_print
  chartkick
  pry
  rspec
  sequel (~> 4.7.0)
  sinatra (~> 1.4.4)
  sinatra-contrib (~> 1.4.2)
  sinatra-reloader
  sqlite3
